GIT
  remote: https://github.com/commerce-docs/devdocs-theme.git
  revision: 450a470aa4b937400190d009131fa91cf27d7a9d
  ref: 450a470
  specs:
    devdocs (0.0.1)
      jekyll (>= 3.3)

GEM
  remote: https://rubygems.org/
  specs:
    activesupport (5.2.8.1)
      concurrent-ruby (~> 1.0, >= 1.0.2)
      i18n (>= 0.7, < 2)
      minitest (~> 5.1)
      tzinfo (~> 1.1)
    addressable (2.8.4)
      public_suffix (>= 2.0.2, < 6.0)
    algolia_html_extractor (2.6.1)
      json (~> 2.0)
      nokogiri (~> 1.8.2)
    algoliasearch (1.27.5)
      httpclient (~> 2.8, >= 2.8.3)
      json (>= 1.5.1)
    colorator (1.1.0)
    colorize (0.8.1)
    concurrent-ruby (1.2.2)
    em-websocket (0.5.3)
      eventmachine (>= 0.12.9)
      http_parser.rb (~> 0)
    ethon (0.16.0)
      ffi (>= 1.15.0)
    eventmachine (1.2.7)
    exifr (1.3.10)
    faraday (2.7.4)
      faraday-net_http (>= 2.0, < 3.1)
      ruby2_keywords (>= 0.0.4)
    faraday-net_http (3.0.2)
    ffi (1.15.5)
    filesize (0.2.0)
    forwardable-extended (2.6.0)
    fspath (3.1.2)
    html-proofer (3.9.3)
      activesupport (>= 4.2, < 6.0)
      addressable (~> 2.3)
      colorize (~> 0.8)
      mercenary (~> 0.3.2)
      nokogiri (~> 1.8.1)
      parallel (~> 1.3)
      typhoeus (~> 1.3)
      yell (~> 2.0)
    http_parser.rb (0.8.0)
    httpclient (2.8.3)
    i18n (0.9.5)
      concurrent-ruby (~> 1.0)
    image_optim (0.31.3)
      exifr (~> 1.2, >= 1.2.2)
      fspath (~> 3.0)
      image_size (>= 1.5, < 4)
      in_threads (~> 1.3)
      progress (~> 3.0, >= 3.0.1)
    image_optim_pack (0.9.1.20230325)
      fspath (>= 2.1, < 4)
      image_optim (~> 0.19)
    image_size (3.2.0)
    in_threads (1.6.0)
    jekyll (3.8.7)
      addressable (~> 2.4)
      colorator (~> 1.0)
      em-websocket (~> 0.5)
      i18n (~> 0.7)
      jekyll-sass-converter (~> 1.0)
      jekyll-watch (~> 2.0)
      kramdown (~> 1.14)
      liquid (~> 4.0)
      mercenary (~> 0.3.3)
      pathutil (~> 0.9)
      rouge (>= 1.7, < 4)
      safe_yaml (~> 1.0)
    jekyll-algolia (1.7.1)
      algolia_html_extractor (~> 2.6)
      algoliasearch (~> 1.26)
      filesize (~> 0.1)
      jekyll (>= 3.6, < 5.0)
      json (~> 2.0)
      nokogiri (~> 1.6)
      progressbar (~> 1.9)
      verbal_expressions (~> 0.1.5)
    jekyll-optional-front-matter (0.3.2)
      jekyll (>= 3.0, < 5.0)
    jekyll-redirect-from (0.16.0)
      jekyll (>= 3.3, < 5.0)
    jekyll-relative-links (0.7.0)
      jekyll (>= 3.3, < 5.0)
    jekyll-sass-converter (1.5.2)
      sass (~> 3.4)
    jekyll-sitemap (1.4.0)
      jekyll (>= 3.7, < 5.0)
    jekyll-titles-from-headings (0.5.3)
      jekyll (>= 3.3, < 5.0)
    jekyll-watch (2.2.1)
      listen (~> 3.0)
    json (2.6.3)
    kramdown (1.17.0)
    launchy (2.5.2)
      addressable (~> 2.8)
    liquid (4.0.4)
    listen (3.8.0)
      rb-fsevent (~> 0.10, >= 0.10.3)
      rb-inotify (~> 0.9, >= 0.9.10)
    mercenary (0.3.6)
    mini_portile2 (2.3.0)
    minitest (5.18.0)
    netrc (0.11.0)
    nokogiri (1.8.5)
      mini_portile2 (~> 2.3.0)
    octokit (6.1.1)
      faraday (>= 1, < 3)
      sawyer (~> 0.9)
    parallel (1.22.1)
    pathutil (0.16.2)
      forwardable-extended (~> 2.6)
    progress (3.6.0)
    progressbar (1.13.0)
    public_suffix (5.0.1)
    rake (13.0.6)
    rb-fsevent (0.11.2)
    rb-inotify (0.10.1)
      ffi (~> 1.0)
    rouge (3.30.0)
    ruby2_keywords (0.0.5)
    safe_yaml (1.0.5)
    sass (3.7.4)
      sass-listen (~> 4.0.0)
    sass-listen (4.0.0)
      rb-fsevent (~> 0.9, >= 0.9.4)
      rb-inotify (~> 0.9, >= 0.9.7)
    sawyer (0.9.2)
      addressable (>= 2.3.5)
      faraday (>= 0.17.3, < 3)
    thor (1.2.1)
    thread_safe (0.3.6)
    typhoeus (1.4.0)
      ethon (>= 0.9.0)
    tzinfo (1.2.11)
      thread_safe (~> 0.1)
    verbal_expressions (0.1.5)
    whatsup_github (1.0.1)
      netrc (~> 0.11)
      octokit (~> 6.0)
      thor (~> 1.2)
    yell (2.2.2)

PLATFORMS
  arm64-darwin-22
  ruby
  x86-mswin32

DEPENDENCIES
  devdocs!
  html-proofer (= 3.9.3)
  image_optim
  image_optim_pack
  jekyll (~> 3.8.5)
  jekyll-algolia (~> 1.0)
  jekyll-optional-front-matter
  jekyll-redirect-from
  jekyll-relative-links
  jekyll-sitemap
  jekyll-titles-from-headings
  launchy
  rake
  whatsup_github

BUNDLED WITH
   1.17.3
